GEM
  remote: http://rubygems.org/
  specs:
    psych (1.3.4)
    thor (0.16.0)

PLATFORMS
  ruby

DEPENDENCIES
  psych
  thor
