GEM
  remote: http://rubygems.org/
  specs:
    aruba (0.5.0)
      childprocess (= 0.2.3)
      cucumber (>= 1.1.1)
      ffi (>= 1.0.11)
      rspec-expectations (>= 2.7.0)
    builder (3.1.4)
    childprocess (0.2.3)
      ffi (~> 1.0.6)
    cucumber (1.2.1)
      builder (>= 2.1.2)
      diff-lcs (>= 1.1.3)
      gherkin (~> 2.11.0)
      json (>= 1.4.6)
    diff-lcs (1.1.3)
    ffi (1.0.11)
    gherkin (2.11.5)
      json (>= 1.4.6)
    git (1.2.5)
    jeweler (1.8.4)
      bundler (~> 1.0)
      git (>= 1.2.5)
      rake
      rdoc
    json (1.7.5)
    multi_json (1.3.7)
    rake (10.0.0)
    rdoc (3.12)
      json (~> 1.4)
    rspec-expectations (2.11.3)
      diff-lcs (~> 1.1.3)
    simplecov (0.7.1)
      multi_json (~> 1.0)
      simplecov-html (~> 0.7.1)
    simplecov-html (0.7.1)
    thor (0.16.0)

PLATFORMS
  ruby

DEPENDENCIES
  aruba (~> 0.5.0)
  bundler (> 1.0.0)
  cucumber (~> 1.2.1)
  jeweler (~> 1.8.4)
  rake (~> 10.0.0)
  rdoc (~> 3.12)
  simplecov
  thor (~> 0.16.0)
