PATH
  remote: .
  specs:
    rcomp (0.2.0)
      childprocess (~> 0.3.6)
      thor (~> 0.16.0)

GEM
  remote: http://rubygems.org/
  specs:
    aruba (0.5.1)
      childprocess (~> 0.3.6)
      cucumber (>= 1.1.1)
      rspec-expectations (>= 2.7.0)
    builder (3.1.4)
    childprocess (0.3.6)
      ffi (~> 1.0, >= 1.0.6)
    cucumber (1.2.1)
      builder (>= 2.1.2)
      diff-lcs (>= 1.1.3)
      gherkin (~> 2.11.0)
      json (>= 1.4.6)
    diff-lcs (1.1.3)
    ffi (1.2.0)
    gherkin (2.11.5)
      json (>= 1.4.6)
    json (1.7.5)
    rake (10.0.2)
    rspec-expectations (2.12.0)
      diff-lcs (~> 1.1.3)
    thor (0.16.0)

PLATFORMS
  ruby

DEPENDENCIES
  aruba (~> 0.5.0)
  cucumber (~> 1.2.1)
  rake
  rcomp!
